GEM
  remote: http://rubygems.org/
  specs:
    appium_console (2.5.0)
      appium_lib (~> 9, >= 9.6)
      bond (~> 0.5)
      pry (~> 0.10)
      spec (~> 5.3, >= 5.3.1)
      thor (~> 0.19)
    appium_lib (9.6.1)
      awesome_print (~> 1.8)
      json (>= 1.8)
      nokogiri (~> 1.6, >= 1.6.6)
      selenium-webdriver (~> 3.4, >= 3.4.1)
      tomlrb (~> 1.1)
    awesome_print (1.8.0)
    blankslate (2.1.2.4)
    bond (0.5.1)
    builder (3.2.3)
    byebug (9.0.6)
    childprocess (0.7.1)
      ffi (~> 1.0, >= 1.0.11)
    chronic_duration (0.10.6)
      numerizer (~> 0.1.1)
    coderay (1.1.2)
    cucumber (2.4.0)
      builder (>= 2.1.2)
      cucumber-core (~> 1.5.0)
      cucumber-wire (~> 0.0.1)
      diff-lcs (>= 1.1.3)
      gherkin (~> 4.0)
      multi_json (>= 1.7.5, < 2.0)
      multi_test (>= 0.1.2)
    cucumber-core (1.5.0)
      gherkin (~> 4.0)
    cucumber-wire (0.0.1)
    diff-lcs (1.3)
    domain_name (0.5.20170404)
      unf (>= 0.0.5, < 1.0.0)
    ffi (1.9.18)
    flaky (0.1.3)
      chronic_duration (~> 0.10.2)
      posix-spawn (~> 0.3.6)
      toml (~> 0.1.1)
    gherkin (4.1.3)
    http-cookie (1.0.3)
      domain_name (~> 0.5)
    json (2.1.0)
    method_source (0.8.2)
    mime-types (3.1)
      mime-types-data (~> 3.2015)
    mime-types-data (3.2016.0521)
    mini_portile2 (2.3.0)
    multi_json (1.12.2)
    multi_test (0.1.2)
    netrc (0.11.0)
    nokogiri (1.8.1)
      mini_portile2 (~> 2.3.0)
    numerizer (0.1.1)
    parslet (1.5.0)
      blankslate (~> 2.0)
    posix-spawn (0.3.13)
    pry (0.11.0)
      coderay (~> 1.1.0)
      method_source (~> 0.8.1)
    queryparams (0.0.3)
    rake (12.1.0)
    require_all (1.4.0)
    rest-client (2.0.2)
      http-cookie (>= 1.0.2, < 2.0)
      mime-types (>= 1.16, < 4.0)
      netrc (~> 0.8)
    rspec (3.5.0)
      rspec-core (~> 3.5.0)
      rspec-expectations (~> 3.5.0)
      rspec-mocks (~> 3.5.0)
    rspec-core (3.5.4)
      rspec-support (~> 3.5.0)
    rspec-expectations (3.5.0)
      diff-lcs (>= 1.2.0, < 2.0)
      rspec-support (~> 3.5.0)
    rspec-mocks (3.5.0)
      diff-lcs (>= 1.2.0, < 2.0)
      rspec-support (~> 3.5.0)
    rspec-support (3.5.0)
    rubyzip (1.2.1)
    sauce_whisk (0.1.0)
      json
      rest-client (~> 2.0)
    selenium-webdriver (3.5.2)
      childprocess (~> 0.5)
      rubyzip (~> 1.0)
    spec (5.3.4)
      chronic_duration (~> 0.10.2)
    thor (0.20.0)
    toml (0.1.2)
      parslet (~> 1.5.0)
    tomlrb (1.2.4)
    touch_action (1.3.3)
    unf (0.1.4)
      unf_ext
    unf_ext (0.0.7.4)
    yaml-lint (0.0.9)

PLATFORMS
  ruby

DEPENDENCIES
  appium_console
  appium_lib (>= 9.6.1)
  byebug (~> 9.0.6)
  cucumber (~> 2.4.0)
  flaky (= 0.1.3)
  nokogiri (>= 1.6.6)
  queryparams (= 0.0.3)
  rake (>= 12.0.0)
  require_all (~> 1.4.0)
  rspec (~> 3.5.0)
  rspec-expectations (~> 3.5.0)
  sauce_whisk (~> 0.1.0)
  selenium-webdriver (>= 3.4.0)
  spec (= 5.3.4)
  touch_action (~> 1.3.3)
  yaml-lint (= 0.0.9)

BUNDLED WITH
   1.16.0.pre.2
